GEM
  remote: https://rubygems.org/
  specs:
    git (1.5.0)
    slugify (1.0.7)

PLATFORMS
  ruby

DEPENDENCIES
  git
  slugify (~> 1.0)

BUNDLED WITH
   1.17.2
